PATH
  remote: .
  specs:
    h1p (0.6.1)

GEM
  remote: https://rubygems.org/
  specs:
    minitest (5.17.0)
    rake (13.0.6)
    rake-compiler (1.2.1)
      rake

PLATFORMS
  ruby

DEPENDENCIES
  h1p!
  minitest (~> 5.17.0)
  rake (~> 13.0.6)
  rake-compiler (= 1.2.1)

BUNDLED WITH
   2.2.26
