PATH
  remote: .
  specs:
    h1p (1.0)

GEM
  remote: https://rubygems.org/
  specs:
    minitest (5.18.0)
    rake (13.0.6)
    rake-compiler (1.2.3)
      rake

PLATFORMS
  ruby

DEPENDENCIES
  h1p!
  minitest (~> 5.18.0)
  rake (~> 13.0.6)
  rake-compiler (= 1.2.3)

BUNDLED WITH
   2.2.26
