PATH
  remote: .
  specs:
    h1p (0.1)

GEM
  remote: https://rubygems.org/
  specs:
    ansi (1.5.0)
    builder (3.2.4)
    minitest (5.11.3)
    minitest-reporters (1.4.3)
      ansi
      builder
      minitest (>= 5.0)
      ruby-progressbar
    rake (12.3.3)
    rake-compiler (1.1.1)
      rake
    ruby-progressbar (1.11.0)

PLATFORMS
  ruby

DEPENDENCIES
  h1p!
  minitest (~> 5.11.3)
  minitest-reporters (~> 1.4.2)
  rake (~> 12.3.3)
  rake-compiler (= 1.1.1)

BUNDLED WITH
   2.1.4
